GEM
  remote: http://rubygems.org/
  specs:
    curb (0.7.7.1)
    flexmock (0.8.8)
    git (1.2.5)
    json (1.4.6)
    libarchive (0.1.1)
    process_watcher (0.3)
    right_aws (2.0.0)
      right_http_connection (>= 1.2.1)
    right_http_connection (1.2.4)
    rspec (1.3.1)
    rtags (0.98)

PLATFORMS
  ruby

DEPENDENCIES
  curb (~> 0.7.7.1)
  flexmock
  git (~> 1.2.5)
  json (~> 1.4.5)
  libarchive (~> 0.1.1)
  process_watcher (~> 0.3)
  right_aws (~> 2.0)
  rspec (~> 1.3)
  rtags
