GEM
  remote: http://rubygems.org/
  specs:
    archive-tar-minitar (0.5.2)
    blackwinter-git (1.2.7)
    columnize (0.3.4)
    curb (0.7.7.1)
    diff-lcs (1.1.2)
    flexmock (0.9.0)
    json (1.4.6)
    libarchive (0.1.2)
    linecache19 (0.5.12)
      ruby_core_source (>= 0.1.4)
    process_watcher (0.4)
    rake (0.9.2)
    right_aws (2.1.0)
      right_http_connection (>= 1.2.5)
    right_http_connection (1.3.0)
    rspec (2.6.0)
      rspec-core (~> 2.6.0)
      rspec-expectations (~> 2.6.0)
      rspec-mocks (~> 2.6.0)
    rspec-core (2.6.4)
    rspec-expectations (2.6.0)
      diff-lcs (~> 1.1.2)
    rspec-mocks (2.6.0)
    ruby-debug-base19 (0.11.25)
      columnize (>= 0.3.1)
      linecache19 (>= 0.5.11)
      ruby_core_source (>= 0.1.4)
    ruby-debug19 (0.11.6)
      columnize (>= 0.3.1)
      linecache19 (>= 0.5.11)
      ruby-debug-base19 (>= 0.11.19)
    ruby_core_source (0.1.5)
      archive-tar-minitar (>= 0.5.2)

PLATFORMS
  ruby

DEPENDENCIES
  blackwinter-git (~> 1.2.7)
  curb (~> 0.7.7.1)
  flexmock
  json (~> 1.4.5)
  libarchive (~> 0.1.2)
  process_watcher (~> 0.3)
  rake
  right_aws (~> 2.0)
  rspec (~> 2.3)
  ruby-debug19
